GIT
  remote: git://github.com/halo/spree_digital.git
  revision: 7dabf1a5203eb42c43b573fe5576aa0adc1a9822
  branch: master
  specs:
    spree_digital (1.1.1)
      spree_core (~> 1.3.0)

GIT
  remote: git://github.com/resque/resque.git
  revision: a1429d83d1843e29e639c1a7d5a902070c433866
  branch: 1-x-stable
  specs:
    resque (1.24.1)
      mono_logger (~> 1.0)
      multi_json (~> 1.0)
      redis-namespace (~> 1.2)
      sinatra (>= 0.9.2)
      vegas (~> 0.1.2)

GIT
  remote: git://github.com/spree/spree_auth_devise.git
  revision: ccd6add27a101aa3942df2e3c58a0c65b639314c
  branch: 1-3-stable
  specs:
    spree_auth_devise (1.0.0)
      cancan (~> 1.6.7)
      devise (~> 2.2.3)
      devise-encryptable (= 0.1.1)
      spree_core

GIT
  remote: git://github.com/spree/spree_gateway.git
  revision: ff292fe0b5ad29355c74e66619a1f8f9f2ae04f5
  branch: 1-3-stable
  specs:
    spree_gateway (1.2.0.rc2)
      savon (~> 1.2)
      spree_core (~> 1.0)

PATH
  remote: ../apartment
  specs:
    apartment (0.20.0)
      activerecord (>= 3.1.2)
      rack (>= 1.3.6)

GEM
  remote: https://rubygems.org/
  specs:
    actionmailer (3.2.13)
      actionpack (= 3.2.13)
      mail (~> 2.5.3)
    actionpack (3.2.13)
      activemodel (= 3.2.13)
      activesupport (= 3.2.13)
      builder (~> 3.0.0)
      erubis (~> 2.7.0)
      journey (~> 1.0.4)
      rack (~> 1.4.5)
      rack-cache (~> 1.2)
      rack-test (~> 0.6.1)
      sprockets (~> 2.2.1)
    active_utils (1.0.5)
      activesupport (>= 2.3.11)
      i18n
    activemerchant (1.29.3)
      active_utils (>= 1.0.2)
      activesupport (>= 2.3.14)
      builder (>= 2.0.0)
      i18n
      json (>= 1.5.1)
      money
      nokogiri
    activemodel (3.2.13)
      activesupport (= 3.2.13)
      builder (~> 3.0.0)
    activerecord (3.2.13)
      activemodel (= 3.2.13)
      activesupport (= 3.2.13)
      arel (~> 3.0.2)
      tzinfo (~> 0.3.29)
    activeresource (3.2.13)
      activemodel (= 3.2.13)
      activesupport (= 3.2.13)
    activesupport (3.2.13)
      i18n (= 0.6.1)
      multi_json (~> 1.0)
    acts_as_list (0.1.4)
    addressable (2.3.3)
    akami (1.2.0)
      gyoku (>= 0.4.0)
      nokogiri (>= 1.4.0)
    arel (3.0.2)
    awesome_nested_set (2.1.5)
      activerecord (>= 3.0.0)
    aws-sdk (1.3.9)
      httparty (~> 0.7)
      json (~> 1.4)
      nokogiri (>= 1.4.4)
      uuidtools (~> 2.1)
    bcrypt-ruby (3.0.1)
    bootstrap-sass (2.3.1.0)
      sass (~> 3.2)
    bourne (1.4.0)
      mocha (~> 0.13.2)
    builder (3.0.4)
    cancan (1.6.8)
    capybara (2.0.3)
      mime-types (>= 1.16)
      nokogiri (>= 1.3.3)
      rack (>= 1.0.0)
      rack-test (>= 0.5.4)
      selenium-webdriver (~> 2.0)
      xpath (~> 1.0.0)
    carmen (1.0.0.beta2)
    carmen-rails (1.0.0.beta3)
      carmen (~> 1.0.0.beta2)
      rails
    childprocess (0.3.9)
      ffi (~> 1.0, >= 1.0.11)
    climate_control (0.0.3)
      activesupport (>= 3.0)
    cocaine (0.5.1)
      climate_control (>= 0.0.3, < 1.0)
    coderay (1.0.9)
    coffee-rails (3.2.2)
      coffee-script (>= 2.2.0)
      railties (~> 3.2.0)
    coffee-script (2.2.0)
      coffee-script-source
      execjs
    coffee-script-source (1.6.2)
    crack (0.3.2)
    database_cleaner (0.9.1)
    deface (0.9.1)
      nokogiri (~> 1.5.0)
      rails (~> 3.1)
    devise (2.2.3)
      bcrypt-ruby (~> 3.0)
      orm_adapter (~> 0.1)
      railties (~> 3.1)
      warden (~> 1.2.1)
    devise-encryptable (0.1.1)
      devise (>= 2.1.0.rc)
    diff-lcs (1.2.2)
    erubis (2.7.0)
    eventmachine (1.0.3)
    execjs (1.4.0)
      multi_json (~> 1.0)
    factory_girl (4.2.0)
      activesupport (>= 3.0.0)
    factory_girl_rails (4.2.1)
      factory_girl (~> 4.2.0)
      railties (>= 3.0.0)
    faye-websocket (0.4.7)
      eventmachine (>= 0.12.0)
    ffaker (1.12.1)
    ffi (1.6.0)
    figaro (0.6.3)
      bundler (~> 1.0)
      rails (>= 3, < 5)
    gyoku (0.4.6)
      builder (>= 2.1.2)
    highline (1.6.11)
    hike (1.2.1)
    http_parser.rb (0.5.3)
    httparty (0.8.3)
      multi_json (~> 1.0)
      multi_xml
    httpi (1.1.1)
      rack
    i18n (0.6.1)
    journey (1.0.4)
    jquery-rails (2.2.0)
      railties (>= 3.0, < 5.0)
      thor (>= 0.14, < 2.0)
    json (1.7.7)
    kaminari (0.13.0)
      actionpack (>= 3.0.0)
      activesupport (>= 3.0.0)
      railties (>= 3.0.0)
    launchy (2.2.0)
      addressable (~> 2.3)
    letter_opener (1.1.0)
      launchy (~> 2.2.0)
    mail (2.5.3)
      i18n (>= 0.4.0)
      mime-types (~> 1.16)
      treetop (~> 1.4.8)
    metaclass (0.0.1)
    method_source (0.8.1)
    mime-types (1.22)
    mocha (0.13.3)
      metaclass (~> 0.0.1)
    money (5.0.0)
      i18n (~> 0.4)
      json
    mono_logger (1.0.0)
    multi_json (1.7.2)
    multi_xml (0.5.3)
    nokogiri (1.5.9)
    nori (1.1.5)
    orm_adapter (0.4.0)
    paperclip (2.8.0)
      activerecord (>= 2.3.0)
      activesupport (>= 2.3.2)
      cocaine (>= 0.0.2)
      mime-types
    pg (0.15.0)
    poltergeist (1.1.0)
      capybara (~> 2.0, >= 2.0.1)
      faye-websocket (~> 0.4, >= 0.4.4)
      http_parser.rb (~> 0.5.3)
    polyamorous (0.5.0)
      activerecord (~> 3.0)
    polyglot (0.3.3)
    pry (0.9.12)
      coderay (~> 1.0.5)
      method_source (~> 0.8)
      slop (~> 3.4)
    rabl (0.7.2)
      activesupport (>= 2.3.14)
      multi_json (~> 1.0)
    rack (1.4.5)
    rack-cache (1.2)
      rack (>= 0.4)
    rack-protection (1.5.0)
      rack
    rack-ssl (1.3.3)
      rack
    rack-test (0.6.2)
      rack (>= 1.0)
    rails (3.2.13)
      actionmailer (= 3.2.13)
      actionpack (= 3.2.13)
      activerecord (= 3.2.13)
      activeresource (= 3.2.13)
      activesupport (= 3.2.13)
      bundler (~> 1.0)
      railties (= 3.2.13)
    railties (3.2.13)
      actionpack (= 3.2.13)
      activesupport (= 3.2.13)
      rack-ssl (~> 1.3.2)
      rake (>= 0.8.7)
      rdoc (~> 3.4)
      thor (>= 0.14.6, < 2.0)
    rake (10.0.4)
    ransack (0.7.2)
      actionpack (~> 3.0)
      activerecord (~> 3.0)
      polyamorous (~> 0.5.0)
    rdoc (3.12.2)
      json (~> 1.4)
    redis (3.0.3)
    redis-namespace (1.2.1)
      redis (~> 3.0.0)
    resque-scheduler (2.0.1)
      redis (>= 2.0.1)
      resque (>= 1.20.0)
      rufus-scheduler
    resque_mailer (2.2.3)
      actionmailer (~> 3.0)
    resque_spec (0.13.0)
      resque (>= 1.19.0)
      rspec (>= 2.5.0)
    rest-client (1.6.7)
      mime-types (>= 1.16)
    rspec (2.13.0)
      rspec-core (~> 2.13.0)
      rspec-expectations (~> 2.13.0)
      rspec-mocks (~> 2.13.0)
    rspec-core (2.13.1)
    rspec-expectations (2.13.0)
      diff-lcs (>= 1.1.3, < 2.0)
    rspec-mocks (2.13.0)
    rspec-rails (2.13.0)
      actionpack (>= 3.0)
      activesupport (>= 3.0)
      railties (>= 3.0)
      rspec-core (~> 2.13.0)
      rspec-expectations (~> 2.13.0)
      rspec-mocks (~> 2.13.0)
    rubyzip (0.9.9)
    rufus-scheduler (2.0.18)
      tzinfo (>= 0.3.23)
    sass (3.2.7)
    sass-rails (3.2.6)
      railties (~> 3.2.0)
      sass (>= 3.1.10)
      tilt (~> 1.3)
    savon (1.2.0)
      akami (~> 1.2.0)
      builder (>= 2.1.2)
      gyoku (~> 0.4.5)
      httpi (~> 1.1.0)
      nokogiri (>= 1.4.0)
      nori (~> 1.1.0)
      wasabi (~> 2.5.0)
    select2-rails (3.3.1)
      sass-rails (>= 3.2)
      thor (~> 0.14)
    selenium-webdriver (2.31.0)
      childprocess (>= 0.2.5)
      multi_json (~> 1.0)
      rubyzip
      websocket (~> 1.0.4)
    shoulda-matchers (1.5.6)
      activesupport (>= 3.0.0)
      bourne (~> 1.3)
    sinatra (1.3.6)
      rack (~> 1.4)
      rack-protection (~> 1.3)
      tilt (~> 1.3, >= 1.3.3)
    slop (3.4.4)
    spree (1.3.2)
      spree_api (= 1.3.2)
      spree_cmd (= 1.3.2)
      spree_core (= 1.3.2)
      spree_dash (= 1.3.2)
      spree_promo (= 1.3.2)
      spree_sample (= 1.3.2)
    spree_api (1.3.2)
      spree_core (= 1.3.2)
      versioncake (= 0.4.0)
    spree_cmd (1.3.2)
      thor (>= 0.14.6)
    spree_core (1.3.2)
      activemerchant (~> 1.29.3)
      acts_as_list (= 0.1.4)
      awesome_nested_set (= 2.1.5)
      aws-sdk (~> 1.3.4)
      cancan (= 1.6.8)
      deface (>= 0.9.0)
      ffaker (~> 1.12.0)
      highline (= 1.6.11)
      jquery-rails (~> 2.2.0)
      kaminari (= 0.13.0)
      money (= 5.0.0)
      paperclip (~> 2.8)
      rabl (= 0.7.2)
      rails (~> 3.2.11)
      ransack (~> 0.7.2)
      select2-rails (~> 3.2)
      state_machine (= 1.1.2)
      stringex (~> 1.3.2)
    spree_dash (1.3.2)
      httparty (~> 0.8.1)
      spree_core (= 1.3.2)
    spree_promo (1.3.2)
      spree_core (= 1.3.2)
    spree_sample (1.3.2)
      spree_core (= 1.3.2)
    sprockets (2.2.2)
      hike (~> 1.2)
      multi_json (~> 1.0)
      rack (~> 1.0)
      tilt (~> 1.1, != 1.3.0)
    state_machine (1.1.2)
    stringex (1.3.3)
    stripe (1.7.11)
      multi_json (>= 1.0.4, < 2)
      rest-client (~> 1.4)
    thor (0.18.1)
    tilt (1.3.6)
    treetop (1.4.12)
      polyglot
      polyglot (>= 0.3.1)
    tzinfo (0.3.37)
    uglifier (1.3.0)
      execjs (>= 0.3.0)
      multi_json (~> 1.0, >= 1.0.2)
    uuidtools (2.1.3)
    vcr (2.4.0)
    vegas (0.1.11)
      rack (>= 1.0.0)
    versioncake (0.4.0)
      actionpack (>= 3.0)
      activesupport (>= 3.0)
      railties (>= 3.0)
    warden (1.2.1)
      rack (>= 1.0)
    wasabi (2.5.1)
      httpi (~> 1.0)
      nokogiri (>= 1.4.0)
    webmock (1.9.3)
      addressable (>= 2.2.7)
      crack (>= 0.3.2)
    websocket (1.0.7)
    xpath (1.0.0)
      nokogiri (~> 1.3)

PLATFORMS
  ruby

DEPENDENCIES
  apartment!
  bootstrap-sass (~> 2.3.1.0)
  cancan (= 1.6.8)
  capybara (~> 2.0.3)
  carmen-rails
  coffee-rails (~> 3.2.1)
  database_cleaner
  factory_girl_rails
  figaro (~> 0.6.3)
  jquery-rails (= 2.2.0)
  launchy
  letter_opener
  pg
  poltergeist
  pry
  rails (= 3.2.13)
  resque!
  resque-scheduler
  resque_mailer
  resque_spec
  rspec-rails
  sass-rails (~> 3.2.3)
  shoulda-matchers
  spree (= 1.3.2)
  spree_auth_devise!
  spree_digital!
  spree_gateway!
  stripe
  uglifier (>= 1.0.3)
  vcr
  webmock (< 1.10.0)
